{"ConversionSoftware":"dicm2nii.m 20211201","SeriesNumber":9,"SeriesDescription":"ep2d_bold_RUN_2","ImageType":["ORIGINAL","PRIMARY","M","ND","NORM","MOSAIC"],"Modality":"MR","AcquisitionDateTime":"20210224143921.462500","TotalReadoutTime":0.043159572,"SliceTiming":[0.82,0,0.89,0.0675,0.9575,0.1375,1.025,0.205,1.095,0.275,1.1625,0.3425,1.23,0.41,1.3,0.48,1.3675,0.5475,1.4375,0.615,1.505,0.685,1.5725,0.7525,1.6425,0.82,0,0.89,0.0675,0.9575,0.1375,1.025,0.205,1.095,0.275,1.1625,0.3425,1.23,0.41,1.3,0.48,1.3675,0.5475,1.4375,0.615,1.505,0.685,1.5725,0.7525,1.6425],"RepetitionTime":1.73,"ParallelReductionFactorInPlane":1,"ParallelAcquisitionTechnique":"SliceAccel","PhaseEncodingDirection":"j-","EffectiveEchoSpacing":0.00051999484,"EchoTime":0.03,"PatientName":"GIFMI_GSB20.009^Sub_017","PatientSex":"F","PatientAge":"020Y","PatientSize":1.68,"PatientWeight":65,"PatientPosition":"HFS","SliceThickness":2.5,"FlipAngle":66,"Manufacturer":"SIEMENS","SoftwareVersion":"syngo MR E11","MRAcquisitionType":"2D","InstitutionName":"UGent","InstitutionAddress":"De Pintelaan 185,Gent,District,BE,9000","DeviceSerialNumber":"167045","ScanningSequence":"EP","SequenceVariant":"SK","ScanOptions":"FS","SequenceName":"*epfid2d1_84","TaskName":""}