{
	"ConversionSoftware": "dicm2nii.m 20211201",
	"SeriesNumber": 7,
	"SeriesDescription": "gre_field_mapping_2.5mm",
	"ImageType": ["ORIGINAL", "PRIMARY", "M", "ND"],
	"Modality": "MR",
	"AcquisitionDateTime": "20210317160310.155000",
	"TotalReadoutTime": 0.05796,
	"RepetitionTime": 0.52,
	"ParallelReductionFactorInPlane": 1,
	"ParallelAcquisitionTechnique": "none",
	"PhaseEncodingDirection": "j-",
	"EffectiveEchoSpacing": 0.00084,
	"EchoTime": 0.00492,
	"deltaTE": 2.46,
	"PatientName": "GIFMI_GSB20.009^Sub_027",
	"PatientSex": "F",
	"PatientAge": "020Y",
	"PatientSize": 1.7,
	"PatientWeight": 62.5,
	"PatientPosition": "HFS",
	"SliceThickness": 2.5,
	"FlipAngle": 60,
	"Manufacturer": "SIEMENS",
	"SoftwareVersion": "syngo MR E11",
	"MRAcquisitionType": "2D",
	"InstitutionName": "UGent",
	"InstitutionAddress": "De Pintelaan 185,Gent,District,BE,9000",
	"DeviceSerialNumber": "167045",
	"ScanningSequence": "GR",
	"SequenceVariant": "SP",
	"SequenceName": "*fm2d2r"
}
