{
	"ConversionSoftware": "dicm2nii.m 20211201",
	"SeriesNumber": 2,
	"SeriesDescription": "GIfMI_T1_MPRAGE",
	"ImageType": ["ORIGINAL", "PRIMARY", "M", "ND", "NORM"],
	"Modality": "MR",
	"AcquisitionDateTime": "20210419141344.472500",
	"RepetitionTime": 2.25,
	"ParallelReductionFactorInPlane": 2,
	"ParallelAcquisitionTechnique": "GRAPPA",
	"PhaseEncodingDirection": "j-",
	"EchoTime": 0.00418,
	"InversionTime": 0.9,
	"PatientName": "GIFMI_GSB20.009^Sub035",
	"PatientSex": "M",
	"PatientAge": "023Y",
	"PatientSize": 2,
	"PatientWeight": 77,
	"PatientPosition": "HFS",
	"SliceThickness": 1,
	"FlipAngle": 9,
	"Manufacturer": "SIEMENS",
	"SoftwareVersion": "syngo MR E11",
	"MRAcquisitionType": "3D",
	"InstitutionName": "UGent",
	"InstitutionAddress": "De Pintelaan 185,Gent,District,BE,9000",
	"DeviceSerialNumber": "167045",
	"ScanningSequence": "GR\\IR",
	"SequenceVariant": "SK\\SP\\MP",
	"ScanOptions": "IR",
	"SequenceName": "*tfl3d1_16ns"
}
