{"ConversionSoftware":"dicm2nii.m 20211201","SeriesNumber":11,"SeriesDescription":"ep2d_bold_RUN_4","ImageType":["ORIGINAL","PRIMARY","M","ND","NORM","MOSAIC"],"Modality":"MR","AcquisitionDateTime":"20210319095230.490000","TotalReadoutTime":0.043159572,"SliceTiming":[0.82,0,0.8875,0.0675,0.9575,0.135,1.025,0.205,1.0925,0.2725,1.1625,0.3425,1.23,0.41,1.3,0.4775,1.3675,0.5475,1.435,0.615,1.505,0.6825,1.5725,0.7525,1.64,0.82,0,0.8875,0.0675,0.9575,0.135,1.025,0.205,1.0925,0.2725,1.1625,0.3425,1.23,0.41,1.3,0.4775,1.3675,0.5475,1.435,0.615,1.505,0.6825,1.5725,0.7525,1.64],"RepetitionTime":1.73,"ParallelReductionFactorInPlane":1,"ParallelAcquisitionTechnique":"SliceAccel","PhaseEncodingDirection":"j-","EffectiveEchoSpacing":0.00051999484,"EchoTime":0.03,"PatientName":"GIFMI_GSB20.009^Sub_029","PatientSex":"F","PatientAge":"019Y","PatientSize":1.61,"PatientWeight":51,"PatientPosition":"HFS","SliceThickness":2.5,"FlipAngle":66,"Manufacturer":"SIEMENS","SoftwareVersion":"syngo MR E11","MRAcquisitionType":"2D","InstitutionName":"UZ Gent","InstitutionAddress":"De Pintelaan 185,Gent,District,BE,9000","DeviceSerialNumber":"167045","ScanningSequence":"EP","SequenceVariant":"SK","ScanOptions":"FS","SequenceName":"*epfid2d1_84","TaskName":""}