{"ConversionSoftware":"dicm2nii.m 20211201","SeriesNumber":14,"SeriesDescription":"ep2d_bold_localizer3","ImageType":["ORIGINAL","PRIMARY","M","ND","NORM","MOSAIC"],"Modality":"MR","AcquisitionDateTime":"20210203153251.077500","TotalReadoutTime":0.043159572,"SliceTiming":[0.8225,0,0.89,0.07,0.9575,0.1375,1.0275,0.2075,1.095,0.275,1.165,0.3425,1.2325,0.4125,1.3,0.48,1.37,0.5475,1.4375,0.6175,1.505,0.685,1.575,0.7525,1.6425,0.8225,0,0.89,0.07,0.9575,0.1375,1.0275,0.2075,1.095,0.275,1.165,0.3425,1.2325,0.4125,1.3,0.48,1.37,0.5475,1.4375,0.6175,1.505,0.685,1.575,0.7525,1.6425],"RepetitionTime":1.73,"ParallelReductionFactorInPlane":1,"ParallelAcquisitionTechnique":"SliceAccel","PhaseEncodingDirection":"j-","EffectiveEchoSpacing":0.00051999484,"EchoTime":0.03,"PatientName":"GIFMI_GSB20.009^Sub_005","PatientSex":"F","PatientAge":"024Y","PatientSize":1.8,"PatientWeight":70,"PatientPosition":"HFS","SliceThickness":2.5,"FlipAngle":66,"Manufacturer":"SIEMENS","SoftwareVersion":"syngo MR E11","MRAcquisitionType":"2D","InstitutionName":"UZ Gent","InstitutionAddress":"De Pintelaan 185,Gent,District,BE,9000","DeviceSerialNumber":"167045","ScanningSequence":"EP","SequenceVariant":"SK","ScanOptions":"FS","SequenceName":"*epfid2d1_84","TaskName":""}